GEM
  remote: http://gemcutter.org/
  specs:
    coderay (1.0.6)
    method_source (0.7.1)
    minitest (3.0.1)
    pry (0.9.9.6)
      coderay (~> 1.0.5)
      method_source (~> 0.7.1)
      slop (>= 2.4.4, < 3)
    rake (0.9.2.2)
    slop (2.4.4)

PLATFORMS
  ruby

DEPENDENCIES
  minitest
  pry
  rake
